GIT
  remote: https://github.com/holidays/holidays
  revision: 358b9d55b600cce8e5df6b42634c5749f38e5606
  specs:
    holidays (5.3.0)

GIT
  remote: https://github.com/mirelon/prawn.git
  revision: f5ab2680612a7ea1baaa6fba29bc51e29af0a282
  branch: patch-1
  specs:
    prawn (2.0.0)
      pdf-core (~> 0.5.0)
      ttfunk (~> 1.4.0)

GIT
  remote: https://github.com/sachin87/week-of-month
  revision: b94d8cdfcca8c19857c6ef353af03aa63581cb52
  specs:
    week_of_month (1.2.3.4)

GEM
  remote: https://rubygems.org/
  specs:
    actionmailer (4.2.11.3)
      actionpack (= 4.2.11.3)
      actionview (= 4.2.11.3)
      activejob (= 4.2.11.3)
      mail (~> 2.5, >= 2.5.4)
      rails-dom-testing (~> 1.0, >= 1.0.5)
    actionpack (4.2.11.3)
      actionview (= 4.2.11.3)
      activesupport (= 4.2.11.3)
      rack (~> 1.6)
      rack-test (~> 0.6.2)
      rails-dom-testing (~> 1.0, >= 1.0.5)
      rails-html-sanitizer (~> 1.0, >= 1.0.2)
    actionview (4.2.11.3)
      activesupport (= 4.2.11.3)
      builder (~> 3.1)
      erubis (~> 2.7.0)
      rails-dom-testing (~> 1.0, >= 1.0.5)
      rails-html-sanitizer (~> 1.0, >= 1.0.3)
    activejob (4.2.11.3)
      activesupport (= 4.2.11.3)
      globalid (>= 0.3.0)
    activemodel (4.2.11.3)
      activesupport (= 4.2.11.3)
      builder (~> 3.1)
    activerecord (4.2.11.3)
      activemodel (= 4.2.11.3)
      activesupport (= 4.2.11.3)
      arel (~> 6.0)
    activesupport (4.2.11.3)
      i18n (~> 0.7)
      minitest (~> 5.1)
      thread_safe (~> 0.3, >= 0.3.4)
      tzinfo (~> 1.1)
    addressable (2.5.0)
      public_suffix (~> 2.0, >= 2.0.2)
    arel (6.0.4)
    bigdecimal (1.4.2)
    builder (3.2.4)
    cgi (0.1.0)
    coffee-rails (4.2.2)
      coffee-script (>= 2.2.0)
      railties (>= 4.0.0)
    coffee-script (2.4.1)
      coffee-script-source
      execjs
    coffee-script-source (1.12.2)
    concurrent-ruby (1.2.2)
    crass (1.0.6)
    date (3.3.4)
    date (3.3.4-java)
    delegate (0.1.0)
    did_you_mean (1.4.0)
    erubis (2.7.0)
    etc (1.1.0)
    execjs (2.7.0)
    fastimage (2.0.1)
      addressable (~> 2)
    fileutils (1.4.1)
    forwardable (1.3.1)
    globalid (0.4.2)
      activesupport (>= 4.2.0)
    haml (4.0.7)
      tilt
    hike (1.2.3)
    i18n (0.9.5)
      concurrent-ruby (~> 1.0)
    ipaddr (1.2.2)
    jquery-rails (4.6.0)
      rails-dom-testing (>= 1, < 3)
      railties (>= 4.2.0)
      thor (>= 0.14, < 2.0)
    json (2.0.0)
    json (2.0.0-java)
    loofah (2.22.0)
      crass (~> 1.0.2)
      nokogiri (>= 1.12.0)
    mail (2.8.1)
      mini_mime (>= 0.1.1)
      net-imap
      net-pop
      net-smtp
    mini_mime (1.1.5)
    minitest (5.20.0)
    multi_json (1.15.0)
    net-imap (0.4.9)
      date
      net-protocol
    net-pop (0.1.2)
      net-protocol
    net-protocol (0.2.2)
      timeout
    net-smtp (0.4.0)
      net-protocol
    nokogiri (1.15.5)
      racc (~> 1.4)
    nokogiri (1.15.5-java)
      racc (~> 1.4)
    openssl (2.1.2)
      ipaddr
    pdf-core (0.5.1)
    protected_attributes (1.1.4)
      activemodel (>= 4.0.1, < 5.0)
    public_suffix (2.0.4)
    racc (1.7.3)
    racc (1.7.3-java)
    rack (1.6.13)
    rack-test (0.6.3)
      rack (>= 1.0)
    rails (4.2.11.3)
      actionmailer (= 4.2.11.3)
      actionpack (= 4.2.11.3)
      actionview (= 4.2.11.3)
      activejob (= 4.2.11.3)
      activemodel (= 4.2.11.3)
      activerecord (= 4.2.11.3)
      activesupport (= 4.2.11.3)
      bundler (>= 1.3.0, < 2.0)
      railties (= 4.2.11.3)
      sprockets-rails
    rails-deprecated_sanitizer (1.0.4)
      activesupport (>= 4.2.0.alpha)
    rails-dom-testing (1.0.9)
      activesupport (>= 4.2.0, < 5.0)
      nokogiri (~> 1.6)
      rails-deprecated_sanitizer (>= 1.0.1)
    rails-html-sanitizer (1.6.0)
      loofah (~> 2.21)
      nokogiri (~> 1.14)
    railties (4.2.11.3)
      actionpack (= 4.2.11.3)
      activesupport (= 4.2.11.3)
      rake (>= 0.8.7)
      thor (>= 0.18.1, < 2.0)
    rake (13.1.0)
    sass (3.2.19)
    sass-rails (4.0.5)
      railties (>= 4.0.0, < 5.0)
      sass (~> 3.2.2)
      sprockets (~> 2.8, < 3.0)
      sprockets-rails (~> 2.0)
    sprockets (2.12.5)
      hike (~> 1.2)
      multi_json (~> 1.0)
      rack (~> 1.0)
      tilt (~> 1.1, != 1.3.0)
    sprockets-rails (2.3.3)
      actionpack (>= 3.0)
      activesupport (>= 3.0)
      sprockets (>= 2.8, < 4.0)
    sqlite3 (1.3.12)
    stringio (0.1.0)
    strscan (1.0.3)
    thor (1.3.0)
    thread_safe (0.3.6)
    thread_safe (0.3.6-java)
    tilt (1.4.1)
    timeout (0.4.1)
    ttfunk (1.4.0)
    tzinfo (1.2.11)
      thread_safe (~> 0.1)
    uglifier (3.0.4)
      execjs (>= 0.3.0, < 3)
    uri (0.10.0)
    zlib (1.1.0)

PLATFORMS
  java
  ruby

DEPENDENCIES
  bigdecimal (= 1.4.2)
  cgi
  coffee-rails (~> 4.0)
  delegate
  did_you_mean
  etc
  fastimage
  fileutils
  forwardable
  haml
  holidays!
  ipaddr
  jquery-rails (~> 4.0)
  json (= 2.0.0)
  openssl
  prawn!
  protected_attributes
  rails (~> 4.0)
  sass-rails (~> 4.0)
  sqlite3
  stringio
  strscan
  uglifier
  uri
  week_of_month!
  zlib

BUNDLED WITH
   2.1.4
